GEM
  remote: https://rubygems.org/
  specs:
    coderay (1.1.3)
<<<<<<< HEAD
    diff-lcs (1.3)
=======
    diff-lcs (1.4.4)
>>>>>>> baefd273e053aca8a0cf2e9722f193fa25bb95b9
    method_source (1.0.0)
    pry (0.13.1)
      coderay (~> 1.1)
      method_source (~> 1.0)
<<<<<<< HEAD
    rspec (3.8.0)
      rspec-core (~> 3.8.0)
      rspec-expectations (~> 3.8.0)
      rspec-mocks (~> 3.8.0)
    rspec-core (3.8.0)
      rspec-support (~> 3.8.0)
    rspec-expectations (3.8.2)
      diff-lcs (>= 1.2.0, < 2.0)
      rspec-support (~> 3.8.0)
    rspec-mocks (3.8.0)
      diff-lcs (>= 1.2.0, < 2.0)
      rspec-support (~> 3.8.0)
    rspec-support (3.8.0)
=======
    rspec (3.9.0)
      rspec-core (~> 3.9.0)
      rspec-expectations (~> 3.9.0)
      rspec-mocks (~> 3.9.0)
    rspec-core (3.9.2)
      rspec-support (~> 3.9.3)
    rspec-expectations (3.9.2)
      diff-lcs (>= 1.2.0, < 2.0)
      rspec-support (~> 3.9.0)
    rspec-mocks (3.9.1)
      diff-lcs (>= 1.2.0, < 2.0)
      rspec-support (~> 3.9.0)
    rspec-support (3.9.3)
>>>>>>> baefd273e053aca8a0cf2e9722f193fa25bb95b9

PLATFORMS
  ruby

DEPENDENCIES
  pry
  rspec

BUNDLED WITH
<<<<<<< HEAD
   2.1.4
=======
   2.0.1
>>>>>>> baefd273e053aca8a0cf2e9722f193fa25bb95b9
